GEM
  remote: https://rubygems.org/
  specs:
    base64 (0.1.1)
    json (2.7.2)
    mustermann (3.0.2)
      ruby2_keywords (~> 0.0.1)
    openai (0.3.0)
    rack (3.1.7)
    rack-protection (4.0.0)
      base64 (>= 0.1.0)
      rack (>= 3.0.0, < 4)
    rack-session (2.0.0)
      rack (>= 3.0.0)
    ruby2_keywords (0.0.5)
    sinatra (4.0.0)
      mustermann (~> 3.0)
      rack (>= 3.0.0, < 4)
      rack-protection (= 4.0.0)
      rack-session (>= 2.0.0, < 3)
      tilt (~> 2.0)
    tilt (2.4.0)

PLATFORMS
  x86_64-linux

DEPENDENCIES
  json
  openai
  sinatra

RUBY VERSION
   ruby 3.2.1p31

BUNDLED WITH
   2.4.6
